GEM
  remote: http://rubygems.org/
  specs:
    ZenTest (4.4.2)
    actionmailer (2.3.10)
      actionpack (= 2.3.10)
    actionpack (2.3.10)
      activesupport (= 2.3.10)
      rack (~> 1.1.0)
    activerecord (2.3.10)
      activesupport (= 2.3.10)
    activeresource (2.3.10)
      activesupport (= 2.3.10)
    activesupport (2.3.10)
    authlogic (2.1.6)
      activesupport
    autotest (4.4.6)
      ZenTest (>= 4.4.1)
    autotest-fsevent (0.2.4)
      sys-uname
    autotest-growl (0.2.9)
    babosa (0.2.0)
    capybara (0.4.0)
      celerity (>= 0.7.9)
      culerity (>= 0.2.4)
      mime-types (>= 1.16)
      nokogiri (>= 1.3.3)
      rack (>= 1.0.0)
      rack-test (>= 0.5.4)
      selenium-webdriver (>= 0.0.27)
      xpath (~> 0.1.2)
    celerity (0.8.2)
    cgi_multipart_eof_fix (2.5.0)
    chargify (0.2.6)
      hashie (~> 0.1.3)
      httparty (~> 0.5.2)
    childprocess (0.1.4)
      ffi (~> 0.6.3)
    columnize (0.3.2)
    configuration (1.1.0)
    crack (0.1.6)
    culerity (0.2.12)
    daemons (1.1.0)
    delayed_job (2.0.3)
      daemons
    email_spec (0.6.3)
    facets (2.5.0)
    factory_girl (1.3.2)
    fakeweb (1.3.0)
    fastthread (1.0.7)
    ffi (0.6.3)
      rake (>= 0.8.7)
    friendly_id (3.1.7)
      babosa (~> 0.2.0)
    gem_plugin (0.2.3)
    haml (3.0.23)
    hashie (0.1.8)
    heroku (1.12.2)
      json_pure (>= 1.2.0, < 1.5.0)
      launchy (~> 0.3.2)
      rest-client (>= 1.4.0, < 1.7.0)
    hoptoad_notifier (2.2.6)
      activesupport
    hpricot (0.8.3)
    httparty (0.5.2)
      crack (= 0.1.6)
    icalendar (1.1.5)
    json (1.4.6)
    json_pure (1.4.6)
    launchy (0.3.7)
      configuration (>= 0.0.5)
      rake (>= 0.8.1)
    linecache (0.43)
    logworm (0.7.7)
      heroku
      hpricot
      memcache-client
      oauth
    logworm_client (0.7.2)
      json
      logworm (>= 0.7.7)
    memcache-client (1.8.5)
    mime-types (1.16)
    mongrel (1.1.5)
      cgi_multipart_eof_fix (>= 2.4)
      daemons (>= 1.0.3)
      fastthread (>= 1.0.1)
      gem_plugin (>= 0.2.3)
    nokogiri (1.4.3.1)
    oauth (0.4.4)
    pg (0.9.0)
    rack (1.1.0)
    rack-test (0.5.6)
      rack (>= 1.0)
    rails (2.3.10)
      actionmailer (= 2.3.10)
      actionpack (= 2.3.10)
      activerecord (= 2.3.10)
      activeresource (= 2.3.10)
      activesupport (= 2.3.10)
      rake (>= 0.8.3)
    rake (0.8.7)
    rest-client (1.6.1)
      mime-types (>= 1.16)
    right_aws (2.0.0)
      right_http_connection (>= 1.2.1)
    right_http_connection (1.2.4)
    rspec (1.3.0)
    rspec-rails (1.3.2)
      rack (>= 1.0.0)
      rspec (>= 1.3.0)
    ruby-debug (0.10.4)
      columnize (>= 0.1)
      ruby-debug-base (~> 0.10.4.0)
    ruby-debug-base (0.10.4)
      linecache (>= 0.3)
    ruby-openid (2.1.8)
    rubyzip (0.9.4)
    sanitize (1.2.1)
      nokogiri (~> 1.4.1)
    selenium-webdriver (0.0.29)
      childprocess (>= 0.0.7)
      ffi (~> 0.6.3)
      json_pure
      rubyzip
    sequel (3.15.0)
    sinatra (1.0)
      rack (>= 1.0)
    sqlite3-ruby (1.3.2)
    sys-uname (0.8.5)
    taps (0.3.13)
      json_pure (>= 1.2.0, < 1.5.0)
      rack (>= 1.0.1)
      rest-client (>= 1.4.0, < 1.7.0)
      sequel (~> 3.15.0)
      sinatra (~> 1.0.0)
      sqlite3-ruby (~> 1.2)
    xpath (0.1.2)
      nokogiri (~> 1.3)

PLATFORMS
  ruby

DEPENDENCIES
  authlogic
  autotest
  autotest-fsevent
  autotest-growl
  capybara
  chargify
  delayed_job
  email_spec (= 0.6.3)
  facets (= 2.5.0)
  factory_girl
  fakeweb
  friendly_id
  haml (>= 2.2.17)
  heroku
  hoptoad_notifier (= 2.2.6)
  icalendar
  launchy
  logworm (= 0.7.7)
  logworm_client
  mongrel
  pg
  rails (~> 2.3.5)
  right_aws
  rspec (= 1.3.0)
  rspec-rails (= 1.3.2)
  ruby-debug
  ruby-openid
  sanitize
  taps
